GEM
  remote: https://rubygems.org/
  specs:
    dry-cli (1.0.0)

PLATFORMS
  x86_64-darwin-20

DEPENDENCIES
  dry-cli (~> 1.0)

RUBY VERSION
   ruby 3.2.2p53

BUNDLED WITH
   2.4.14
